GIT
  remote: https://github.com/thoughtbot/shoulda-matchers.git
  revision: 4b160bd19ecca7f97d7ac22dccd5fde9b0da5a9f
  branch: rails-5
  specs:
    shoulda-matchers (3.1.2)
      activesupport (>= 4.2.0)

GEM
  remote: https://rubygems.org/
  specs:
    actioncable (5.2.2)
      actionpack (= 5.2.2)
      nio4r (~> 2.0)
      websocket-driver (>= 0.6.1)
    actionmailer (5.2.2)
      actionpack (= 5.2.2)
      actionview (= 5.2.2)
      activejob (= 5.2.2)
      mail (~> 2.5, >= 2.5.4)
      rails-dom-testing (~> 2.0)
    actionpack (5.2.2)
      actionview (= 5.2.2)
      activesupport (= 5.2.2)
      rack (~> 2.0)
      rack-test (>= 0.6.3)
      rails-dom-testing (~> 2.0)
      rails-html-sanitizer (~> 1.0, >= 1.0.2)
    actionview (5.2.2)
      activesupport (= 5.2.2)
      builder (~> 3.1)
      erubi (~> 1.4)
      rails-dom-testing (~> 2.0)
      rails-html-sanitizer (~> 1.0, >= 1.0.3)
    activejob (5.2.2)
      activesupport (= 5.2.2)
      globalid (>= 0.3.6)
    activemodel (5.2.2)
      activesupport (= 5.2.2)
    activerecord (5.2.2)
      activemodel (= 5.2.2)
      activesupport (= 5.2.2)
      arel (>= 9.0)
    activestorage (5.2.2)
      actionpack (= 5.2.2)
      activerecord (= 5.2.2)
      marcel (~> 0.3.1)
    activesupport (5.2.2)
      concurrent-ruby (~> 1.0, >= 1.0.2)
      i18n (>= 0.7, < 2)
      minitest (~> 5.1)
      tzinfo (~> 1.1)
    acts_as_list (0.9.17)
      activerecord (>= 3.0)
    addressable (2.5.2)
      public_suffix (>= 2.0.2, < 4.0)
    apipie-rails (0.5.14)
      rails (>= 4.1)
    arel (9.0.0)
    bcrypt (3.1.12)
    bootsnap (1.3.2)
      msgpack (~> 1.0)
    builder (3.2.3)
    byebug (10.0.2)
    capybara (3.12.0)
      addressable
      mini_mime (>= 0.1.3)
      nokogiri (~> 1.8)
      rack (>= 1.6.0)
      rack-test (>= 0.6.3)
      regexp_parser (~> 1.2)
      xpath (~> 3.2)
    coderay (1.1.2)
    concurrent-ruby (1.1.3)
    crass (1.0.4)
    database_cleaner (1.7.0)
    declarative (0.0.10)
    declarative-builder (0.1.0)
      declarative-option (< 0.2.0)
    declarative-option (0.1.0)
    devise (4.4.3)
      bcrypt (~> 3.0)
      orm_adapter (~> 0.1)
      railties (>= 4.1.0, < 6.0)
      responders
      warden (~> 1.2.3)
    devise_token_auth (0.2.0)
      devise (> 3.5.2, < 4.5)
      rails (< 6)
    diff-lcs (1.3)
    disposable (0.4.4)
      declarative (>= 0.0.9, < 1.0.0)
      declarative-builder (< 0.2.0)
      declarative-option (< 0.2.0)
      representable (>= 2.4.0, <= 3.1.0)
      uber (< 0.2.0)
    dotenv (2.5.0)
    dotenv-rails (2.5.0)
      dotenv (= 2.5.0)
      railties (>= 3.2, < 6.0)
    erubi (1.7.1)
    factory_bot (4.11.1)
      activesupport (>= 3.0.0)
    factory_bot_rails (4.11.1)
      factory_bot (~> 4.11.1)
      railties (>= 3.0.0)
    fast_jsonapi (1.5)
      activesupport (>= 4.2)
    ffaker (2.10.0)
    ffi (1.9.25)
    fuubar (2.3.2)
      rspec-core (~> 3.0)
      ruby-progressbar (~> 1.4)
    globalid (0.4.1)
      activesupport (>= 4.2.0)
    hashie (3.5.7)
    hirb (0.7.3)
    i18n (1.2.0)
      concurrent-ruby (~> 1.0)
    json_matchers (0.10.0)
      json_schema
    json_schema (0.19.1)
    listen (3.1.5)
      rb-fsevent (~> 0.9, >= 0.9.4)
      rb-inotify (~> 0.9, >= 0.9.7)
      ruby_dep (~> 1.2)
    loofah (2.2.3)
      crass (~> 1.0.2)
      nokogiri (>= 1.5.9)
    mail (2.7.1)
      mini_mime (>= 0.1.1)
    marcel (0.3.3)
      mimemagic (~> 0.3.2)
    method_source (0.9.2)
    mimemagic (0.3.2)
    mini_mime (1.0.1)
    mini_portile2 (2.3.0)
    minitest (5.11.3)
    msgpack (1.2.4)
    nio4r (2.3.1)
    nokogiri (1.8.5)
      mini_portile2 (~> 2.3.0)
    omniauth (1.8.1)
      hashie (>= 3.4.6, < 3.6.0)
      rack (>= 1.6.2, < 3)
    orm_adapter (0.5.0)
    pg (1.1.3)
    pry (0.12.2)
      coderay (~> 1.1.0)
      method_source (~> 0.9.0)
    pry-byebug (3.6.0)
      byebug (~> 10.0)
      pry (~> 0.10)
    public_suffix (3.0.3)
    puma (3.12.0)
    rack (2.0.6)
    rack-cors (1.0.2)
    rack-test (1.1.0)
      rack (>= 1.0, < 3)
    rails (5.2.2)
      actioncable (= 5.2.2)
      actionmailer (= 5.2.2)
      actionpack (= 5.2.2)
      actionview (= 5.2.2)
      activejob (= 5.2.2)
      activemodel (= 5.2.2)
      activerecord (= 5.2.2)
      activestorage (= 5.2.2)
      activesupport (= 5.2.2)
      bundler (>= 1.3.0)
      railties (= 5.2.2)
      sprockets-rails (>= 2.0.0)
    rails-dom-testing (2.0.3)
      activesupport (>= 4.2.0)
      nokogiri (>= 1.6)
    rails-html-sanitizer (1.0.4)
      loofah (~> 2.2, >= 2.2.2)
    railties (5.2.2)
      actionpack (= 5.2.2)
      activesupport (= 5.2.2)
      method_source
      rake (>= 0.8.7)
      thor (>= 0.19.0, < 2.0)
    rake (12.3.2)
    rb-fsevent (0.10.3)
    rb-inotify (0.9.10)
      ffi (>= 0.5.0, < 2)
    reform (2.2.4)
      disposable (>= 0.4.1)
      representable (>= 2.4.0, < 3.1.0)
    reform-rails (0.1.7)
      activemodel (>= 3.2)
      reform (>= 2.2.0)
    regexp_parser (1.3.0)
    representable (3.0.4)
      declarative (< 0.1.0)
      declarative-option (< 0.2.0)
      uber (< 0.2.0)
    responders (2.4.0)
      actionpack (>= 4.2.0, < 5.3)
      railties (>= 4.2.0, < 5.3)
    rspec-core (3.8.0)
      rspec-support (~> 3.8.0)
    rspec-expectations (3.8.2)
      diff-lcs (>= 1.2.0, < 2.0)
      rspec-support (~> 3.8.0)
    rspec-mocks (3.8.0)
      diff-lcs (>= 1.2.0, < 2.0)
      rspec-support (~> 3.8.0)
    rspec-rails (3.8.1)
      actionpack (>= 3.0)
      activesupport (>= 3.0)
      railties (>= 3.0)
      rspec-core (~> 3.8.0)
      rspec-expectations (~> 3.8.0)
      rspec-mocks (~> 3.8.0)
      rspec-support (~> 3.8.0)
    rspec-support (3.8.0)
    ruby-progressbar (1.10.0)
    ruby_dep (1.5.0)
    spring (2.0.2)
      activesupport (>= 4.2)
    spring-watcher-listen (2.0.1)
      listen (>= 2.7, < 4.0)
      spring (>= 1.2, < 3.0)
    sprockets (3.7.2)
      concurrent-ruby (~> 1.0)
      rack (> 1, < 3)
    sprockets-rails (3.2.1)
      actionpack (>= 4.0)
      activesupport (>= 4.0)
      sprockets (>= 3.0.0)
    thor (0.20.3)
    thread_safe (0.3.6)
    trailblazer (2.1.0.rc1)
      declarative
      trailblazer-macro (>= 2.1.0.rc1, < 2.2.0)
      trailblazer-macro-contract (= 2.1.0.rc1)
      trailblazer-operation
    trailblazer-activity (0.7.1)
      hirb
      trailblazer-context
    trailblazer-context (0.1.2)
    trailblazer-loader (0.1.2)
    trailblazer-macro (2.1.0.rc1)
    trailblazer-macro-contract (2.1.0.rc1)
      reform (>= 2.2.0, < 3.0.0)
    trailblazer-operation (0.4.1)
      trailblazer-activity (>= 0.7.1, < 0.8.0)
      trailblazer-context (>= 0.1.1, < 0.3.0)
    trailblazer-rails (2.1.7)
      railties (>= 4.0.0)
      trailblazer (>= 2.1.0.beta1, < 2.2.0)
      trailblazer-loader (>= 0.1.0)
    transactional_capybara (0.2.0)
      capybara
    tzinfo (1.2.5)
      thread_safe (~> 0.1)
    uber (0.1.0)
    warden (1.2.8)
      rack (>= 2.0.6)
    websocket-driver (0.7.0)
      websocket-extensions (>= 0.1.0)
    websocket-extensions (0.1.3)
    xpath (3.2.0)
      nokogiri (~> 1.8)

PLATFORMS
  ruby

DEPENDENCIES
  acts_as_list (~> 0.9.16)
  apipie-rails (~> 0.5.10)
  bootsnap (>= 1.1.0)
  capybara (~> 3.7, >= 3.7.1)
  database_cleaner (~> 1.7)
  devise_token_auth (~> 0.2.0)
  dotenv-rails (~> 2.5)
  factory_bot_rails (~> 4.11, >= 4.11.1)
  fast_jsonapi (~> 1.4)
  ffaker (~> 2.10)
  fuubar (~> 2.3, >= 2.3.2)
  json_matchers (~> 0.10.0)
  listen (>= 3.0.5, < 3.2)
  omniauth (~> 1.8, >= 1.8.1)
  pg (>= 0.18, < 2.0)
  pry-byebug (~> 3.6)
  puma (~> 3.11)
  rack-cors (~> 1.0, >= 1.0.2)
  rails (~> 5.2.1)
  reform-rails (~> 0.1.7)
  rspec-rails (~> 3.8)
  shoulda-matchers!
  spring
  spring-watcher-listen (~> 2.0.0)
  trailblazer-rails (~> 2.1, >= 2.1.5)
  transactional_capybara (~> 0.2.0)

RUBY VERSION
   ruby 2.5.1p57

BUNDLED WITH
   1.17.2
